PATH
  remote: .
  specs:
    camt_parser (2.18.0)
      bigdecimal
      nokogiri

GEM
  remote: https://rubygems.org/
  specs:
    bigdecimal (3.1.9)
    builder (3.2.2)
    diff-lcs (1.5.0)
    mini_portile2 (2.8.8)
    nokogiri (1.18.3)
      mini_portile2 (~> 2.8.2)
      racc (~> 1.4)
    racc (1.8.1)
    rake (13.0.6)
    rspec (3.3.0)
      rspec-core (~> 3.3.0)
      rspec-expectations (~> 3.3.0)
      rspec-mocks (~> 3.3.0)
    rspec-core (3.3.2)
      rspec-support (~> 3.3.0)
    rspec-expectations (3.3.1)
      diff-lcs (>= 1.2.0, < 2.0)
      rspec-support (~> 3.3.0)
    rspec-mocks (3.3.2)
      diff-lcs (>= 1.2.0, < 2.0)
      rspec-support (~> 3.3.0)
    rspec-support (3.3.0)

PLATFORMS
  ruby

DEPENDENCIES
  builder (~> 3.2.2)
  camt_parser!
  rake (~> 13.0.6)
  rspec (~> 3.3.0)

BUNDLED WITH
   2.6.2
